PATH
  remote: .
  specs:
    mudfly (0.0.1)
      faraday
      thor

GEM
  remote: https://rubygems.org/
  specs:
    diff-lcs (1.2.1)
    faraday (0.8.7)
      multipart-post (~> 1.1)
    multipart-post (1.2.0)
    rake (10.0.3)
    rspec (2.13.0)
      rspec-core (~> 2.13.0)
      rspec-expectations (~> 2.13.0)
      rspec-mocks (~> 2.13.0)
    rspec-core (2.13.1)
    rspec-expectations (2.13.0)
      diff-lcs (>= 1.1.3, < 2.0)
    rspec-mocks (2.13.0)
    thor (0.18.1)

PLATFORMS
  ruby

DEPENDENCIES
  bundler (~> 1.3)
  mudfly!
  rake
  rspec
